GEM
  remote: http://rubygems.org/
  specs:
    json (1.6.1)
    rack (1.3.3)
    rack-ssl-enforcer (0.2.4)
    sinatra (1.2.6)
      rack (~> 1.1)
      tilt (>= 1.2.2, < 2.0)
    tilt (1.3.3)

PLATFORMS
  ruby

DEPENDENCIES
  json
  rack-ssl-enforcer
  sinatra
